PATH
  remote: .
  specs:
    heroku-vector (0.0.2)
      activeresource
      dotenv
      eventmachine
      heroku-api
      newrelic_api
      redis
      redis-namespace
      sidekiq

GEM
  remote: https://rubygems.org/
  specs:
    activemodel (4.1.6)
      activesupport (= 4.1.6)
      builder (~> 3.1)
    activeresource (4.0.0)
      activemodel (~> 4.0)
      activesupport (~> 4.0)
      rails-observers (~> 0.1.1)
    activesupport (4.1.6)
      i18n (~> 0.6, >= 0.6.9)
      json (~> 1.7, >= 1.7.7)
      minitest (~> 5.1)
      thread_safe (~> 0.1)
      tzinfo (~> 1.1)
    addressable (2.3.6)
    builder (3.2.2)
    celluloid (0.15.2)
      timers (~> 1.1.0)
    coderay (1.1.0)
    connection_pool (2.0.0)
    crack (0.4.2)
      safe_yaml (~> 1.0.0)
    dotenv (0.11.1)
      dotenv-deployment (~> 0.0.2)
    dotenv-deployment (0.0.2)
    eventmachine (1.0.3)
    excon (0.39.5)
    heroku-api (0.3.19)
      excon (~> 0.38)
      multi_json (~> 1.8)
    i18n (0.6.11)
    json (1.8.1)
    metaclass (0.0.4)
    method_source (0.8.2)
    minitest (5.4.0)
    mocha (1.1.0)
      metaclass (~> 0.0.1)
    multi_json (1.10.1)
    newrelic_api (1.2.4)
    pry (0.10.1)
      coderay (~> 1.1.0)
      method_source (~> 0.8.1)
      slop (~> 3.4)
    rails-observers (0.1.2)
      activemodel (~> 4.0)
    rake (10.3.2)
    redis (3.1.0)
    redis-namespace (1.5.1)
      redis (~> 3.0, >= 3.0.4)
    safe_yaml (1.0.3)
    sidekiq (3.2.5)
      celluloid (= 0.15.2)
      connection_pool (>= 2.0.0)
      json
      redis (>= 3.0.6)
      redis-namespace (>= 1.3.1)
    slop (3.6.0)
    thread_safe (0.3.4)
    timecop (0.7.1)
    timers (1.1.0)
    tzinfo (1.2.2)
      thread_safe (~> 0.1)
    vcr (2.9.2)
    webmock (1.18.0)
      addressable (>= 2.3.6)
      crack (>= 0.3.2)

PLATFORMS
  ruby

DEPENDENCIES
  bundler (~> 1.6)
  heroku-vector!
  minitest
  mocha
  pry
  rake
  timecop
  vcr
  webmock
